GEM
  remote: http://rubygems.org/
  specs:
    activesupport (3.1.12)
      multi_json (~> 1.0)
    haml (5.0.4)
      temple (>= 0.8.0)
      tilt
    multi_json (1.12.2)
    mustermann (1.0.1)
    rack (2.0.3)
    rack-protection (2.0.0)
      rack
    rack-test (0.8.0)
      rack (>= 1.0, < 3)
    rubigen (1.5.8)
      activesupport (>= 2.3.5, < 3.2.0)
    sinatra (2.0.0)
      mustermann (~> 1.0)
      rack (~> 2.0)
      rack-protection (= 2.0.0)
      tilt (~> 2.0)
    sinatra-gen (0.4.2)
      rack-test (>= 0.4.1)
      rubigen (= 1.5.8)
      sinatra (>= 0.9.4)
    temple (0.8.0)
    tilt (2.0.8)

PLATFORMS
  ruby

DEPENDENCIES
  haml
  sinatra
  sinatra-gen

RUBY VERSION
   ruby 2.3.5p376

BUNDLED WITH
   1.16.0
