GEM
  remote: http://rubygems.org/
  specs:
    activesupport (3.1.11)
      multi_json (~> 1.0)
    haml (4.0.0)
      tilt
    multi_json (1.6.1)
    rack (1.5.2)
    rack-protection (1.3.2)
      rack
    rack-test (0.6.2)
      rack (>= 1.0)
    rubigen (1.5.8)
      activesupport (>= 2.3.5, < 3.2.0)
    sinatra (1.3.4)
      rack (~> 1.4)
      rack-protection (~> 1.3)
      tilt (~> 1.3, >= 1.3.3)
    sinatra-gen (0.4.2)
      rack-test (>= 0.4.1)
      rubigen (= 1.5.8)
      sinatra (>= 0.9.4)
    tilt (1.3.3)

PLATFORMS
  ruby

DEPENDENCIES
  haml
  sinatra
  sinatra-gen
